PATH
  remote: .
  specs:
    rdbi-driver-odbc (0.1.2)
      rdbi (~> 1.1)
      ruby-odbc (= 0.99997)

GEM
  remote: http://rubygems.org/
  specs:
    diff-lcs (1.2.5)
    epoxy (0.3.1)
    rdbi (1.1.0)
      epoxy (>= 0.3.1)
      typelib
    rdbi-dbrc (0.1.0)
      rdbi
    rspec (2.99.0)
      rspec-core (~> 2.99.0)
      rspec-expectations (~> 2.99.0)
      rspec-mocks (~> 2.99.0)
    rspec-core (2.99.2)
    rspec-expectations (2.99.2)
      diff-lcs (>= 1.1.3, < 2.0)
    rspec-mocks (2.99.4)
    ruby-odbc (0.99997)
    typelib (0.1.0)
    yard (0.8.7.6)

PLATFORMS
  ruby

DEPENDENCIES
  rdbi-dbrc (~> 0.1)
  rdbi-driver-odbc!
  rspec (~> 2)
  yard
